PATH
  remote: .
  specs:
    jekyll-theme-yat (1.10.0)
      jekyll (> 3.5, < 5.0)
      jekyll-feed (~> 0.9)
      jekyll-paginate (~> 1.1)
      jekyll-seo-tag (~> 2.1)
      jekyll-sitemap (~> 1.3)
      jekyll-spaceship (~> 0.2)

GEM
  remote: https://rubygems.org/
  specs:
    addressable (2.8.7)
      public_suffix (>= 2.0.2, < 7.0)
    colorator (1.1.0)
    concurrent-ruby (1.3.4)
    em-websocket (0.5.3)
      eventmachine (>= 0.12.9)
      http_parser.rb (~> 0)
    eventmachine (1.2.7)
    ffi (1.17.0-aarch64-linux-gnu)
    ffi (1.17.0-aarch64-linux-musl)
    ffi (1.17.0-arm-linux-gnu)
    ffi (1.17.0-arm-linux-musl)
    ffi (1.17.0-arm64-darwin)
    ffi (1.17.0-x86-linux-gnu)
    ffi (1.17.0-x86-linux-musl)
    ffi (1.17.0-x86_64-darwin)
    ffi (1.17.0-x86_64-linux-gnu)
    ffi (1.17.0-x86_64-linux-musl)
    forwardable-extended (2.6.0)
    gemoji (3.0.1)
    google-protobuf (3.25.5)
    google-protobuf (3.25.5-aarch64-linux)
    google-protobuf (3.25.5-arm64-darwin)
    google-protobuf (3.25.5-x86-linux)
    google-protobuf (3.25.5-x86_64-darwin)
    google-protobuf (3.25.5-x86_64-linux)
    http_parser.rb (0.8.0)
    i18n (1.14.6)
      concurrent-ruby (~> 1.0)
    jekyll (4.3.4)
      addressable (~> 2.4)
      colorator (~> 1.0)
      em-websocket (~> 0.5)
      i18n (~> 1.0)
      jekyll-sass-converter (>= 2.0, < 4.0)
      jekyll-watch (~> 2.0)
      kramdown (~> 2.3, >= 2.3.1)
      kramdown-parser-gfm (~> 1.0)
      liquid (~> 4.0)
      mercenary (>= 0.3.6, < 0.5)
      pathutil (~> 0.9)
      rouge (>= 3.0, < 5.0)
      safe_yaml (~> 1.0)
      terminal-table (>= 1.8, < 4.0)
      webrick (~> 1.7)
    jekyll-feed (0.17.0)
      jekyll (>= 3.7, < 5.0)
    jekyll-paginate (1.1.0)
    jekyll-sass-converter (3.0.0)
      sass-embedded (~> 1.54)
    jekyll-seo-tag (2.8.0)
      jekyll (>= 3.8, < 5.0)
    jekyll-sitemap (1.4.0)
      jekyll (>= 3.7, < 5.0)
    jekyll-spaceship (0.10.2)
      gemoji (~> 3.0)
      jekyll (>= 3.6, < 5.0)
      nokogiri (~> 1.6)
      rainbow (~> 3.0)
    jekyll-watch (2.2.1)
      listen (~> 3.0)
    kramdown (2.4.0)
      rexml
    kramdown-parser-gfm (1.1.0)
      kramdown (~> 2.0)
    liquid (4.0.4)
    listen (3.9.0)
      rb-fsevent (~> 0.10, >= 0.10.3)
      rb-inotify (~> 0.9, >= 0.9.10)
    mercenary (0.4.0)
    nokogiri (1.16.7-aarch64-linux)
      racc (~> 1.4)
    nokogiri (1.16.7-arm-linux)
      racc (~> 1.4)
    nokogiri (1.16.7-arm64-darwin)
      racc (~> 1.4)
    nokogiri (1.16.7-x86-linux)
      racc (~> 1.4)
    nokogiri (1.16.7-x86_64-darwin)
      racc (~> 1.4)
    nokogiri (1.16.7-x86_64-linux)
      racc (~> 1.4)
    pathutil (0.16.2)
      forwardable-extended (~> 2.6)
    public_suffix (6.0.1)
    racc (1.8.1)
    rainbow (3.1.1)
    rake (12.3.3)
    rb-fsevent (0.11.2)
    rb-inotify (0.11.1)
      ffi (~> 1.0)
    rexml (3.3.7)
    rouge (4.4.0)
    safe_yaml (1.0.5)
    sass-embedded (1.77.5-aarch64-linux-gnu)
      google-protobuf (>= 3.25, < 5.0)
    sass-embedded (1.77.5-aarch64-linux-musl)
      google-protobuf (>= 3.25, < 5.0)
    sass-embedded (1.77.5-arm-linux-gnueabihf)
      google-protobuf (>= 3.25, < 5.0)
    sass-embedded (1.77.5-arm-linux-musleabihf)
      google-protobuf (>= 3.25, < 5.0)
    sass-embedded (1.77.5-arm64-darwin)
      google-protobuf (>= 3.25, < 5.0)
    sass-embedded (1.77.5-x86-linux-gnu)
      google-protobuf (>= 3.25, < 5.0)
    sass-embedded (1.77.5-x86-linux-musl)
      google-protobuf (>= 3.25, < 5.0)
    sass-embedded (1.77.5-x86_64-darwin)
      google-protobuf (>= 3.25, < 5.0)
    sass-embedded (1.77.5-x86_64-linux-gnu)
      google-protobuf (>= 3.25, < 5.0)
    sass-embedded (1.77.5-x86_64-linux-musl)
      google-protobuf (>= 3.25, < 5.0)
    terminal-table (3.0.2)
      unicode-display_width (>= 1.1.1, < 3)
    unicode-display_width (2.6.0)
    webrick (1.8.2)

PLATFORMS
  aarch64-linux
  aarch64-linux-gnu
  aarch64-linux-musl
  arm-linux
  arm-linux-gnu
  arm-linux-gnueabihf
  arm-linux-musl
  arm-linux-musleabihf
  arm64-darwin
  x86-linux
  x86-linux-gnu
  x86-linux-musl
  x86_64-darwin
  x86_64-linux
  x86_64-linux-gnu
  x86_64-linux-musl

DEPENDENCIES
  bundler (>= 1.6, < 3.0)
  jekyll-theme-yat!
  rake (>= 12.0, < 13.0)

BUNDLED WITH
   2.5.19
